GEM
  remote: http://rubygems.org/
  specs:
    actionmailer (2.3.15)
      actionpack (= 2.3.15)
    actionpack (2.3.15)
      activesupport (= 2.3.15)
      rack (~> 1.1.3)
    activerecord (2.3.15)
      activesupport (= 2.3.15)
    activeresource (2.3.15)
      activesupport (= 2.3.15)
    activesupport (2.3.15)
    acts-as-dag (1.1.4)
    addressable (2.2.8)
    after_commit (1.0.11)
      activerecord (>= 1.15.6, < 3.0.0)
    awesome_nested_set (1.4.3)
      activerecord (>= 1.1)
    barby (0.2.0)
    builder (3.1.4)
    cairo (1.10.2)
      pkg-config
    capybara (1.1.2)
      mime-types (>= 1.16)
      nokogiri (>= 1.3.3)
      rack (>= 1.0.0)
      rack-test (>= 0.5.4)
      selenium-webdriver (~> 2.0)
      xpath (~> 0.1.4)
    childprocess (0.3.6)
      ffi (~> 1.0, >= 1.0.6)
    columnize (0.3.6)
    cucumber (1.2.1)
      builder (>= 2.1.2)
      diff-lcs (>= 1.1.3)
      gherkin (~> 2.11.0)
      json (>= 1.4.6)
    cucumber-rails (0.3.2)
      cucumber (>= 0.8.0)
    database_cleaner (0.5.0)
    diff-lcs (1.1.3)
    fastercsv (1.5.3)
    ffi (1.3.1)
    gettext (2.1.0)
      locale (>= 2.0.5)
    gettext_activerecord (2.1.0)
      activerecord (>= 2.3.2)
      gettext (>= 2.1.0)
    gettext_rails (2.1.0)
      gettext_activerecord (>= 2.1.0)
      locale_rails (>= 2.0.5)
      rails (>= 2.3.2)
    gherkin (2.11.5)
      json (>= 1.4.6)
    haml (3.1.3)
    json (1.7.6)
    launchy (2.0.5)
      addressable (~> 2.2.6)
    libwebsocket (0.1.7.1)
      addressable
      websocket
    linecache (0.46)
      rbx-require-relative (> 0.0.4)
    locale (2.0.8)
    locale_rails (2.0.5)
      locale (>= 2.0.5)
    mime-types (1.19)
    multi_json (1.5.0)
    mysql (2.8.1)
    net-ldap (0.2.2)
    newrelic_rpm (2.10.5)
    nokogiri (1.5.2)
    pkg-config (1.1.2)
    prawn (0.8.4)
      prawn-core (>= 0.8.4, < 0.9)
      prawn-layout (>= 0.8.4, < 0.9)
      prawn-security (>= 0.8.4, < 0.9)
    prawn-core (0.8.4)
    prawn-layout (0.8.4)
    prawn-security (0.8.4)
    rack (1.1.6)
    rack-test (0.6.2)
      rack (>= 1.0)
    rails (2.3.15)
      actionmailer (= 2.3.15)
      actionpack (= 2.3.15)
      activerecord (= 2.3.15)
      activeresource (= 2.3.15)
      activesupport (= 2.3.15)
      rake (>= 0.8.3)
    rake (0.8.7)
    rbx-require-relative (0.0.9)
    rgl (0.4.0)
      rake
      stream (>= 0.5)
    riddle (1.4.0)
    rmagick (2.12.2)
    rspec (1.3.0)
    rspec-rails (1.3.2)
      rack (>= 1.0.0)
      rspec (>= 1.3.0)
    ruby-debug (0.10.4)
      columnize (>= 0.1)
      ruby-debug-base (~> 0.10.4.0)
    ruby-debug-base (0.10.4)
      linecache (>= 0.3)
    rubyzip (0.9.9)
    selenium-webdriver (2.27.2)
      childprocess (>= 0.2.5)
      libwebsocket (~> 0.1.3)
      multi_json (~> 1.0)
      rubyzip
    stream (0.5)
    thinking-sphinx (1.4.9)
      activerecord (>= 1.15.6, < 3.0.0)
      after_commit (>= 1.0.7)
      builder (>= 2.1.2)
      riddle (>= 1.3.3)
    websocket (1.0.6)
    will_paginate (2.3.15)
    xpath (0.1.4)
      nokogiri (~> 1.3)

PLATFORMS
  ruby

DEPENDENCIES
  acts-as-dag (= 1.1.4)
  awesome_nested_set (= 1.4.3)
  barby (= 0.2.0)
  cairo (= 1.10.2)
  capybara (= 1.1.2)
  cucumber-rails (= 0.3.2)
  database_cleaner (= 0.5.0)
  fastercsv (= 1.5.3)
  gettext (= 2.1.0)
  gettext_activerecord (= 2.1.0)
  gettext_rails (= 2.1.0)
  haml (= 3.1.3)
  launchy (= 2.0.5)
  mysql (= 2.8.1)
  net-ldap (= 0.2.2)
  newrelic_rpm (= 2.10.5)
  nokogiri (= 1.5.2)
  pkg-config (= 1.1.2)
  prawn (= 0.8.4)
  rails (= 2.3.15)
  rake (= 0.8.7)
  rgl (= 0.4.0)
  riddle (= 1.4.0)
  rmagick (= 2.12.2)
  rspec (= 1.3.0)
  rspec-rails (= 1.3.2)
  ruby-debug (= 0.10.4)
  thinking-sphinx
  will_paginate (= 2.3.15)
